GIT
  remote: git://github.com/uklibraries/minty-rb.git
  revision: 408b08194a6b9ecde4b39bcfd42763f9e018eff9
  specs:
    minty-rb (0.0.0)

GEM
  remote: https://rubygems.org/
  specs:
    mono_logger (1.1.0)
    multi_json (1.8.0)
    rack (1.5.2)
    rack-protection (1.5.0)
      rack
    redis (3.0.4)
    redis-namespace (1.3.1)
      redis (~> 3.0.0)
    resque (1.25.1)
      mono_logger (~> 1.0)
      multi_json (~> 1.0)
      redis-namespace (~> 1.2)
      sinatra (>= 0.9.2)
      vegas (~> 0.1.2)
    sinatra (1.4.3)
      rack (~> 1.4)
      rack-protection (~> 1.4)
      tilt (~> 1.3, >= 1.3.4)
    tilt (1.4.1)
    vegas (0.1.11)
      rack (>= 1.0.0)

PLATFORMS
  ruby

DEPENDENCIES
  minty-rb!
  resque
