GIT
  remote: git://github.com/uklibraries/embaggen.git
  revision: a7f00b5fb98ab5697ca58807cde3d5e69ee548b3
  specs:
    embaggen (0.1.0)
      bagit
      semver

GIT
  remote: git://github.com/uklibraries/minty-rb.git
  revision: 7b7a4d4f8ff141c6196cb76bc1eaa4e266f731ad
  specs:
    minty-rb (0.0.0)

GEM
  remote: https://rubygems.org/
  specs:
    activesupport (4.0.0)
      i18n (~> 0.6, >= 0.6.4)
      minitest (~> 4.2)
      multi_json (~> 1.3)
      thread_safe (~> 0.1)
      tzinfo (~> 0.3.37)
    atomic (1.1.14)
    bagit (0.3.2)
      docopt (~> 0.5.0)
      validatable (~> 1.6)
    docopt (0.5.0)
    i18n (0.6.5)
    minitest (4.7.5)
    mono_logger (1.1.0)
    multi_json (1.8.0)
    pairtree (0.1.0)
    rack (1.5.2)
    rack-protection (1.5.0)
      rack
    rake (10.1.0)
    redis (3.0.4)
    redis-namespace (1.3.1)
      redis (~> 3.0.0)
    resque (1.24.1)
      mono_logger (~> 1.0)
      multi_json (~> 1.0)
      redis-namespace (~> 1.2)
      sinatra (>= 0.9.2)
      vegas (~> 0.1.2)
    rsync (1.0.7)
    semver (1.0.1)
    sinatra (1.4.3)
      rack (~> 1.4)
      rack-protection (~> 1.4)
      tilt (~> 1.3, >= 1.3.4)
    thread_safe (0.1.3)
      atomic
    tilt (1.4.1)
    trollop (2.0)
    tzinfo (0.3.37)
    validatable (1.6.7)
    vegas (0.1.11)
      rack (>= 1.0.0)

PLATFORMS
  ruby

DEPENDENCIES
  activesupport
  embaggen!
  minty-rb!
  pairtree
  rake
  resque (= 1.24.1)
  rsync
  trollop
